GEM
  remote: https://rubygems.org/
  specs:
    curb (0.9.10)
    dotenv (2.7.5)
    mustermann (2.0.2)
      ruby2_keywords (~> 0.0.1)
    mysql2 (0.5.3)
    rack (2.2.3)
    rack-protection (2.2.3)
      rack
    ruby2_keywords (0.0.5)
    sinatra (2.2.3)
      mustermann (~> 2.0)
      rack (~> 2.2)
      rack-protection (= 2.2.3)
      tilt (~> 2.0)
    sinatra-cors (1.2.0)
    tilt (2.0.11)

PLATFORMS
  ruby

DEPENDENCIES
  curb (~> 0.9.10)
  dotenv (~> 2.7)
  mysql2 (~> 0.5.3)
  rack (>= 2.0.8)
  sinatra (~> 2.2)
  sinatra-cors (~> 1.2)

BUNDLED WITH
   1.17.2
