GEM
  remote: https://rubygems.org/
  specs:
    curb (0.9.10)
    dotenv (2.7.5)
    mustermann (1.0.3)
    mysql2 (0.5.3)
    rack (2.2.3.1)
    rack-protection (2.0.7)
      rack
    sinatra (2.0.7)
      mustermann (~> 1.0)
      rack (~> 2.0)
      rack-protection (= 2.0.7)
      tilt (~> 2.0)
    sinatra-cors (1.2.0)
    tilt (2.0.10)

PLATFORMS
  ruby

DEPENDENCIES
  curb (~> 0.9.10)
  dotenv (~> 2.7)
  mysql2 (~> 0.5.3)
  rack (>= 2.0.8)
  sinatra (~> 2.0)
  sinatra-cors (~> 1.2)

BUNDLED WITH
   1.17.2
